GEM
  remote: https://rubygems.org/
  specs:
    rack (1.5.2)
    rack-cors (0.2.9)

PLATFORMS
  ruby

DEPENDENCIES
  rack
  rack-cors
